PATH
  remote: .
  specs:
    fibonacci (1.0.0)
      helix_runtime (~> 0.7.5)

GEM
  remote: https://rubygems.org/
  specs:
    helix_runtime (0.7.5)
      rake (>= 10.0)
      thor (>= 0.19.4, < 2.0)
      tomlrb (~> 1.2.4)
    irb (1.0.0)
    rake (12.3.2)
    thor (0.20.3)
    tomlrb (1.2.8)

PLATFORMS
  ruby

DEPENDENCIES
  fibonacci!
  irb

BUNDLED WITH
   2.0.1
